GIT
  remote: git://github.com/rweng/jquery-datatables-rails.git
  revision: d486b31b192a2924b1913e080ad23460e6b96d31
  specs:
    jquery-datatables-rails (3.4.0)
      actionpack (>= 3.1)
      jquery-rails
      railties (>= 3.1)
      sass-rails

GEM
  remote: https://rubygems.org/
  specs:
    actionmailer (4.0.13)
      actionpack (= 4.0.13)
      mail (~> 2.5, >= 2.5.4)
    actionpack (4.0.13)
      activesupport (= 4.0.13)
      builder (~> 3.1.0)
      erubis (~> 2.7.0)
      rack (~> 1.5.2)
      rack-test (~> 0.6.2)
    activemodel (4.0.13)
      activesupport (= 4.0.13)
      builder (~> 3.1.0)
    activerecord (4.0.13)
      activemodel (= 4.0.13)
      activerecord-deprecated_finders (~> 1.0.2)
      activesupport (= 4.0.13)
      arel (~> 4.0.0)
    activerecord-deprecated_finders (1.0.4)
    activesupport (4.0.13)
      i18n (~> 0.6, >= 0.6.9)
      minitest (~> 4.2)
      multi_json (~> 1.3)
      thread_safe (~> 0.1)
      tzinfo (~> 0.3.37)
    ajax-datatables-rails (0.4.1)
      railties (>= 4.0)
    arel (4.0.2)
    bcrypt (3.1.11)
    bcrypt (3.1.11-x86-mingw32)
    braintree (2.89.0)
      builder (>= 2.0.0)
    builder (3.1.4)
    byebug (10.0.2)
    climate_control (0.2.0)
    cocaine (0.5.8)
      climate_control (>= 0.0.3, < 1.0)
    codemirror-rails (5.16.0)
      railties (>= 3.0, < 6.0)
    coffee-rails (4.0.1)
      coffee-script (>= 2.2.0)
      railties (>= 4.0.0, < 5.0)
    coffee-script (2.4.1)
      coffee-script-source
      execjs
    coffee-script-source (1.12.2)
    concurrent-ruby (1.0.5)
    devise (3.5.10)
      bcrypt (~> 3.0)
      orm_adapter (~> 0.1)
      railties (>= 3.2.6, < 5)
      responders
      thread_safe (~> 0.1)
      warden (~> 1.2.3)
    devise_invitable (1.6.1)
      actionmailer (>= 3.2.6)
      devise (>= 3.2.0)
    erubis (2.7.0)
    execjs (2.7.0)
    faraday (0.12.2)
      multipart-post (>= 1.2, < 3)
    gmaps4rails (2.1.2)
    hashie (3.5.7)
    hike (1.2.3)
    i18n (0.9.5)
      concurrent-ruby (~> 1.0)
    jbuilder (1.5.3)
      activesupport (>= 3.0.0)
      multi_json (>= 1.2.0)
    jquery-rails (3.1.4)
      railties (>= 3.0, < 5.0)
      thor (>= 0.14, < 2.0)
    jquery-ui-rails (6.0.1)
      railties (>= 3.2.16)
    jwt (1.5.6)
    kaminari (0.17.0)
      actionpack (>= 3.0.0)
      activesupport (>= 3.0.0)
    mail (2.7.0)
      mini_mime (>= 0.1.1)
    mime-types (3.1)
      mime-types-data (~> 3.2015)
    mime-types-data (3.2016.0521)
    mimemagic (0.3.0)
    mini_mime (1.0.0)
    minitest (4.7.5)
    multi_json (1.13.1)
    multi_xml (0.6.0)
    multipart-post (2.0.0)
    oauth2 (1.4.0)
      faraday (>= 0.8, < 0.13)
      jwt (~> 1.0)
      multi_json (~> 1.3)
      multi_xml (~> 0.5)
      rack (>= 1.2, < 3)
    omniauth (1.4.2)
      hashie (>= 1.2, < 4)
      rack (>= 1.0, < 3)
    omniauth-google-oauth2 (0.5.3)
      jwt (>= 1.5)
      omniauth (>= 1.1.1)
      omniauth-oauth2 (>= 1.5)
    omniauth-oauth2 (1.5.0)
      oauth2 (~> 1.1)
      omniauth (~> 1.2)
    orm_adapter (0.5.0)
    paperclip (4.3.7)
      activemodel (>= 3.2.0)
      activesupport (>= 3.2.0)
      cocaine (~> 0.5.5)
      mime-types
      mimemagic (= 0.3.0)
    pg (0.21.0)
    pg (0.21.0-x86-mingw32)
    polyamorous (1.3.3)
      activerecord (>= 3.0)
    rack (1.5.5)
    rack-test (0.6.3)
      rack (>= 1.0)
    rails (4.0.13)
      actionmailer (= 4.0.13)
      actionpack (= 4.0.13)
      activerecord (= 4.0.13)
      activesupport (= 4.0.13)
      bundler (>= 1.3.0, < 2.0)
      railties (= 4.0.13)
      sprockets-rails (~> 2.0)
    rails_db (1.6.0)
      codemirror-rails
      kaminari
      rails (>= 3.1.0)
      ransack
      simple_form
      terminal-table
    railties (4.0.13)
      actionpack (= 4.0.13)
      activesupport (= 4.0.13)
      rake (>= 0.8.7)
      thor (>= 0.18.1, < 2.0)
    rake (12.3.0)
    ransack (1.8.8)
      actionpack (>= 3.0)
      activerecord (>= 3.0)
      activesupport (>= 3.0)
      i18n
      polyamorous (~> 1.3.2)
    rdoc (6.0.2)
    responders (1.1.2)
      railties (>= 3.2, < 4.2)
    sass (3.2.19)
    sass-rails (4.0.5)
      railties (>= 4.0.0, < 5.0)
      sass (~> 3.2.2)
      sprockets (~> 2.8, < 3.0)
      sprockets-rails (~> 2.0)
    sdoc (1.0.0)
      rdoc (>= 5.0)
    simple_form (4.0.0)
      actionpack (> 4)
      activemodel (> 4)
    sprockets (2.12.4)
      hike (~> 1.2)
      multi_json (~> 1.0)
      rack (~> 1.0)
      tilt (~> 1.1, != 1.3.0)
    sprockets-rails (2.3.3)
      actionpack (>= 3.0)
      activesupport (>= 3.0)
      sprockets (>= 2.8, < 4.0)
    terminal-table (1.8.0)
      unicode-display_width (~> 1.1, >= 1.1.1)
    thor (0.20.0)
    thread_safe (0.3.6)
    tilt (1.4.1)
    tinymce-rails (4.7.11)
      railties (>= 3.1.1)
    turbolinks (5.1.0)
      turbolinks-source (~> 5.1)
    turbolinks-source (5.1.0)
    tzinfo (0.3.53)
    uglifier (4.1.8)
      execjs (>= 0.3.0, < 3)
    unicode-display_width (1.3.2)
    warden (1.2.7)
      rack (>= 1.0)
    wicked_pdf (1.1.0)
    will_paginate (3.1.6)
    wkhtmltopdf-binary (0.12.3.1)

PLATFORMS
  ruby
  x86-mingw32

DEPENDENCIES
  ajax-datatables-rails
  braintree (~> 2.89.0)
  byebug
  coffee-rails (~> 4.0.0)
  devise
  devise_invitable
  gmaps4rails
  jbuilder (~> 1.2)
  jquery-datatables-rails!
  jquery-rails
  jquery-ui-rails
  omniauth-google-oauth2
  paperclip (~> 4.0)
  pg (~> 0.20)
  rails (= 4.0.13)
  rails_db
  sass-rails (~> 4.0.2)
  sdoc
  tinymce-rails
  turbolinks
  uglifier (>= 1.3.0)
  wicked_pdf
  will_paginate
  wkhtmltopdf-binary

BUNDLED WITH
   1.16.1
